STORAGE: NONE
RESTRICTION: == netcoreapp2.1
NUGET
  remote: https://api.nuget.org/v3/index.json
    FSharp.Core (4.7)
    Newtonsoft.Json (12.0.3)
    Suave (2.5.6)
      FSharp.Core (>= 4.3.4)

GROUP Build
NUGET
  remote: https://www.nuget.org/api/v2
    FAKE (5.16)
